PATH
  remote: .
  specs:
    klimmzug (0.1.0)
      json (~> 2.0)
      rake (~> 11.0)

GEM
  remote: https://rubygems.org/
  specs:
    json (2.0.0)
    rake (11.3.0)

PLATFORMS
  ruby

DEPENDENCIES
  klimmzug!

BUNDLED WITH
   1.13.6
